GIT
  remote: git@github.com:hornairs/em-synchrony.git
  revision: f07b2a139ba05a1eaf3559541f3584c73afe05b2
  specs:
    em-synchrony (1.0.0)
      eventmachine (>= 1.0.0.beta.1)

GEM
  remote: http://rubygems.org/
  specs:
    addressable (2.2.6)
    ansi (1.4.1)
    async-rack (0.5.1)
      rack (~> 1.1)
    builder (3.0.0)
    em-http-request (1.0.0)
      addressable (>= 2.2.3)
      em-socksify
      eventmachine (>= 1.0.0.beta.3)
      http_parser.rb (>= 0.5.2)
    em-socksify (0.1.0)
      eventmachine
    eventmachine (1.0.0.beta.4)
    goliath (0.9.4)
      async-rack
      em-synchrony (>= 1.0.0)
      eventmachine (>= 1.0.0.beta.3)
      http_parser.rb
      http_router (~> 0.9.0)
      log4r
      multi_json
      rack (>= 1.2.2)
      rack-contrib
      rack-respond_to
    hiredis (0.3.2)
    http_parser.rb (0.5.3)
    http_router (0.9.7)
      rack (>= 1.0.0)
      url_mount (~> 0.2.1)
    json (1.6.1)
    jwt (0.1.4)
      json (>= 1.2.4)
    log4r (1.1.9)
    minitest (2.7.0)
    multi_json (1.0.3)
    rack (1.3.5)
    rack-accept-media-types (0.9)
    rack-contrib (1.1.0)
      rack (>= 0.9.1)
    rack-protection (1.1.4)
      rack
    rack-respond_to (0.9.8)
      rack-accept-media-types (>= 0.6)
    redis (2.2.2)
    redis-scripted (0.0.3)
      redis
    sinatra (1.3.1)
      rack (~> 1.3, >= 1.3.4)
      rack-protection (~> 1.1, >= 1.1.2)
      tilt (~> 1.3, >= 1.3.3)
    tilt (1.3.3)
    turn (0.8.3)
      ansi
    twilio-ruby (3.4.2)
      builder (>= 2.1.2)
      jwt (>= 0.1.2)
      multi_json (>= 1.0.3)
    url_mount (0.2.1)
      rack
    will_paginate (3.0.2)

PLATFORMS
  ruby

DEPENDENCIES
  em-http-request
  em-synchrony!
  eventmachine
  goliath
  hiredis (~> 0.3.0)
  json
  minitest (~> 2.7.0)
  redis
  redis-scripted
  sinatra
  turn
  twilio-ruby
  will_paginate
