GEM
  remote: http://rubygems.org/
  specs:
    ansi (1.4.0)
    daemons (1.1.4)
    eventmachine (0.12.10)
    json (1.6.1)
    minitest (2.7.0)
    rack (1.3.5)
    rack-protection (1.1.4)
      rack
    redis (2.2.2)
    redis-scripted (0.0.3)
      redis
    shotgun (0.9)
      rack (>= 1.0)
    sinatra (1.3.1)
      rack (~> 1.3, >= 1.3.4)
      rack-protection (~> 1.1, >= 1.1.2)
      tilt (~> 1.3, >= 1.3.3)
    thin (1.2.11)
      daemons (>= 1.0.9)
      eventmachine (>= 0.12.6)
      rack (>= 1.0.0)
    tilt (1.3.3)
    turn (0.8.3)
      ansi

PLATFORMS
  ruby

DEPENDENCIES
  json
  minitest (~> 2.7.0)
  redis
  redis-scripted
  shotgun
  sinatra
  thin
  turn
